NUGET
  remote: https://www.nuget.org/api/v2
  specs:
    FSharp.Data (2.2.5)
      Zlib.Portable (>= 1.10.0) - framework: portable-net40+sl50+wp80+win80
    Tesla.Csxcad (0.0.1-alpha3)
      FSharp.Data (>= 2.2.5)
    Zlib.Portable (1.11.0) - framework: portable-net40+sl50+wp80+win80
